PATH
  remote: .
  specs:
    like4u_api (0.0.1)
      rest-client

GEM
  remote: https://rubygems.org/
  specs:
    mime-types (1.25.1)
    rest-client (1.6.7)
      mime-types (>= 1.16)

PLATFORMS
  ruby

DEPENDENCIES
  like4u_api!
